PATH
  remote: .
  specs:
    cohesion (0.0.3)
      cobweb
      ptools

GEM
  remote: https://rubygems.org/
  specs:
    addressable (2.3.2)
    awesome_print (1.1.0)
    cobweb (1.0.2)
      addressable
      awesome_print
      haml
      json
      namespaced_redis (>= 1.0.2)
      nokogiri
      redis
      resque
      rspec
      sinatra
      thin
    daemons (1.1.9)
    diff-lcs (1.1.3)
    eventmachine (1.0.0)
    haml (3.1.7)
    json (1.7.6)
    multi_json (1.5.0)
    namespaced_redis (1.0.4)
      redis
    nokogiri (1.5.6)
    ptools (1.2.2)
    rack (1.5.2)
    rack-protection (1.3.2)
      rack
    redis (3.0.2)
    redis-namespace (1.2.1)
      redis (~> 3.0.0)
    resque (1.23.0)
      multi_json (~> 1.0)
      redis-namespace (~> 1.0)
      sinatra (>= 0.9.2)
      vegas (~> 0.1.2)
    rspec (2.12.0)
      rspec-core (~> 2.12.0)
      rspec-expectations (~> 2.12.0)
      rspec-mocks (~> 2.12.0)
    rspec-core (2.12.2)
    rspec-expectations (2.12.1)
      diff-lcs (~> 1.1.3)
    rspec-mocks (2.12.2)
    sinatra (1.3.4)
      rack (~> 1.4)
      rack-protection (~> 1.3)
      tilt (~> 1.3, >= 1.3.3)
    sqlite3 (1.3.6)
    thin (1.5.0)
      daemons (>= 1.0.9)
      eventmachine (>= 0.12.6)
      rack (>= 1.0.0)
    tilt (1.3.3)
    vegas (0.1.11)
      rack (>= 1.0.0)

PLATFORMS
  ruby

DEPENDENCIES
  awesome_print
  cobweb
  cohesion!
  ptools
  rspec
  sqlite3
