PATH
  remote: .
  specs:
    cohesion (0.0.6)
      cobweb
      ptools

GEM
  remote: https://rubygems.org/
  specs:
    addressable (2.3.5)
    awesome_print (1.1.0)
    celluloid (0.12.4)
      facter (>= 1.6.12)
      timers (>= 1.0.0)
    cobweb (1.0.12)
      addressable
      awesome_print
      haml
      json
      namespaced_redis
      nokogiri
      redis
      rspec
      sinatra
      slop
      thin
    connection_pool (1.0.0)
    daemons (1.1.9)
    diff-lcs (1.1.3)
    eventmachine (1.0.3)
    facter (1.6.17)
    haml (4.0.3)
      tilt
    json (1.8.0)
    mini_portile (0.5.1)
    multi_json (1.6.0)
    namespaced_redis (1.0.4)
      redis
    nokogiri (1.6.0)
      mini_portile (~> 0.5.0)
    ptools (1.2.2)
    rack (1.5.2)
    rack-protection (1.3.2)
      rack
    redis (3.0.2)
    redis-namespace (1.2.1)
      redis (~> 3.0.0)
    resque (1.23.0)
      multi_json (~> 1.0)
      redis-namespace (~> 1.0)
      sinatra (>= 0.9.2)
      vegas (~> 0.1.2)
    rspec (2.12.0)
      rspec-core (~> 2.12.0)
      rspec-expectations (~> 2.12.0)
      rspec-mocks (~> 2.12.0)
    rspec-core (2.12.2)
    rspec-expectations (2.12.1)
      diff-lcs (~> 1.1.3)
    rspec-mocks (2.12.2)
    sidekiq (2.8.0)
      celluloid (~> 0.12.0)
      connection_pool (~> 1.0)
      multi_json (~> 1)
      redis (~> 3)
      redis-namespace
    sinatra (1.3.4)
      rack (~> 1.4)
      rack-protection (~> 1.3)
      tilt (~> 1.3, >= 1.3.3)
    slop (3.4.3)
    sqlite3 (1.3.6)
    thin (1.5.1)
      daemons (>= 1.0.9)
      eventmachine (>= 0.12.6)
      rack (>= 1.0.0)
    tilt (1.3.3)
    timers (1.1.0)
    utf8cleaner (0.0.1)
    vegas (0.1.11)
      rack (>= 1.0.0)

PLATFORMS
  ruby

DEPENDENCIES
  awesome_print
  cobweb (>= 1.0.12)
  cohesion!
  ptools
  resque
  rspec
  sidekiq
  slop
  sqlite3
  utf8cleaner
